PATH
  remote: .
  specs:
    loyalty_connect (0.2.0)
      oauth2 (= 0.4.1)

GEM
  remote: https://rubygems.org/
  specs:
    addressable (2.2.8)
    coderay (1.0.8)
    faraday (0.6.1)
      addressable (~> 2.2.4)
      multipart-post (~> 1.1.0)
      rack (>= 1.1.0, < 2)
    method_source (0.8.1)
    minitest (4.7.4)
    multi_json (1.7.7)
    multipart-post (1.1.5)
    oauth2 (0.4.1)
      faraday (~> 0.6.1)
      multi_json (>= 0.0.5)
    pry (0.9.11.4)
      coderay (~> 1.0.5)
      method_source (~> 0.8)
      slop (~> 3.4)
    rack (1.5.2)
    rake (10.0.4)
    slop (3.4.3)

PLATFORMS
  ruby

DEPENDENCIES
  bundler (~> 1.3)
  loyalty_connect!
  minitest (~> 4.7.4)
  pry
  rake (~> 10.0.4)
