PATH
  remote: .
  specs:
    loyalty_connect (0.3.0)
      oauth2 (= 0.9.2)

GEM
  remote: https://rubygems.org/
  specs:
    coderay (1.0.9)
    faraday (0.8.8)
      multipart-post (~> 1.2.0)
    httpauth (0.2.0)
    jwt (0.1.8)
      multi_json (>= 1.5)
    metaclass (0.0.1)
    method_source (0.8.2)
    minitest (4.7.4)
    mocha (0.14.0)
      metaclass (~> 0.0.1)
    multi_json (1.8.2)
    multi_xml (0.5.5)
    multipart-post (1.2.0)
    oauth2 (0.9.2)
      faraday (~> 0.8)
      httpauth (~> 0.2)
      jwt (~> 0.1.4)
      multi_json (~> 1.0)
      multi_xml (~> 0.5)
      rack (~> 1.2)
    pry (0.9.12.2)
      coderay (~> 1.0.5)
      method_source (~> 0.8)
      slop (~> 3.4)
    rack (1.5.2)
    rake (10.0.4)
    slop (3.4.6)

PLATFORMS
  ruby

DEPENDENCIES
  bundler (~> 1.3)
  loyalty_connect!
  minitest (~> 4.7.4)
  mocha (~> 0.14.0)
  pry
  rake (~> 10.0.4)
